GEM
  remote: https://rubygems.org/
  specs:
    chunky_png (1.2.7)
    compass (0.12.2)
      chunky_png (~> 1.2)
      fssm (>= 0.2.7)
      sass (~> 3.1)
    fssm (0.2.10)
    haml (5.1.2)
      temple (>= 0.8.0)
      tilt
    keydown (0.9.2)
      compass
      haml
      rdiscount (>= 1.6.8)
      sass
      thor
      tilt
    rdiscount (2.0.7.1)
    sass (3.2.7)
    temple (0.8.2)
    thor (0.17.0)
    tilt (2.0.10)

PLATFORMS
  ruby

DEPENDENCIES
  keydown
